GEM
  remote: http://rubygems.org/
  specs:
    diff-lcs (1.1.2)
    mime-types (1.16)
    rake (0.9.2)
    rspec (2.6.0)
      rspec-core (~> 2.6.0)
      rspec-expectations (~> 2.6.0)
      rspec-mocks (~> 2.6.0)
    rspec-core (2.6.4)
    rspec-expectations (2.6.0)
      diff-lcs (~> 1.1.2)
    rspec-mocks (2.6.0)
    rufus-scheduler (2.0.10)
      tzinfo (>= 0.3.23)
    typhoeus (0.2.4)
      mime-types
      mime-types
    tzinfo (0.3.29)

PLATFORMS
  ruby

DEPENDENCIES
  rake (~> 0.9.2)
  rspec (~> 2.6.0)
  rufus-scheduler
  typhoeus (~> 0.2.4)
